GEM
  remote: http://rubygems.org/
  specs:
    backports (3.3.3)
    eventmachine (1.0.3-x86-mingw32)
    multi_json (1.7.7)
    pusher (0.11.3)
      multi_json (~> 1.0)
      signature (~> 0.1.6)
    rack (1.5.2)
    rack-protection (1.5.0)
      rack
    rack-test (0.6.2)
      rack (>= 1.0)
    signature (0.1.7)
    sinatra (1.4.3)
      rack (~> 1.4)
      rack-protection (~> 1.4)
      tilt (~> 1.3, >= 1.3.4)
    sinatra-contrib (1.4.0)
      backports (>= 2.0)
      eventmachine
      rack-protection
      rack-test
      sinatra (~> 1.4.2)
      tilt (~> 1.3)
    tilt (1.4.1)

PLATFORMS
  x86-mingw32

DEPENDENCIES
  pusher
  sinatra
  sinatra-contrib
